PATH
  remote: .
  specs:
    resque-igo (1.13.0)
      json (~> 1.4.6)
      mongo (~> 1.2.0)
      sinatra (>= 0.9.2)
      vegas (~> 0.1.2)

GEM
  specs:
    bson (1.2.4)
    json (1.4.6)
    mongo (1.2.4)
      bson (>= 1.2.4)
    rack (1.2.2)
    rack-test (0.5.7)
      rack (>= 1.0)
    sinatra (1.2.1)
      rack (~> 1.1)
      tilt (< 2.0, >= 1.2.2)
    tilt (1.2.2)
    vegas (0.1.8)
      rack (>= 1.0.0)

PLATFORMS
  ruby

DEPENDENCIES
  rack-test (~> 0.5)
  resque-igo!
