PATH
  remote: .
  specs:
    resque-igo (1.15.0)
      json (>= 1.4.6, < 1.6.0)
      mongo (~> 1.3.0)
      sinatra (>= 0.9.2)
      vegas (~> 0.1.2)

GEM
  remote: http://rubygems.org/
  specs:
    bson (1.3.0)
    json (1.5.1)
    leftright (0.9.1)
    mongo (1.3.0)
      bson (>= 1.3.0)
    rack (1.2.2)
    rack-test (0.6.0)
      rack (>= 1.0)
    sinatra (1.2.6)
      rack (~> 1.1)
      tilt (< 2.0, >= 1.2.2)
    tilt (1.3)
    vegas (0.1.8)
      rack (>= 1.0.0)

PLATFORMS
  ruby

DEPENDENCIES
  leftright
  rack-test (~> 0.5)
  resque-igo!
